GEM
  remote: http://rubygems.org/
  specs:
    ast (2.4.0)
    dino (0.11.2)
      serialport
    hike (1.2.3)
    mini_magick (4.8.0)
    opal (0.11.0)
      ast (>= 2.3.0)
      hike (~> 1.2)
      parser (= 2.3.3.1)
      sourcemap (~> 0.1.0)
    parser (2.3.3.1)
      ast (~> 2.2)
    ruby-filemagic (0.7.2)
    ruby2d (0.5.1)
      opal (~> 0.11)
    serialport (1.3.1)
    sourcemap (0.1.1)

PLATFORMS
  ruby

DEPENDENCIES
  dino
  mini_magick
  ruby-filemagic
  ruby2d

BUNDLED WITH
   1.16.3
